GIT
  remote: https://f675b2593888baed1751474b669d4bb193bb5261:x-oauth-basic@github.com/darknlow/starman
  revision: 1ffc5a6ffaa068f69c8b7f75f8c6462928a0e082
  specs:
    starman (0.7)
      activesupport (~> 8.0)

PATH
  remote: .
  specs:
    electric_eye (0.1)
      elasticsearch (~> 9.0)
      mongo (~> 2.21)
      starman
      zeitwerk (~> 2.3)

GEM
  remote: https://rubygems.org/
  specs:
    activemodel (8.0.2)
      activesupport (= 8.0.2)
    activesupport (8.0.2)
      base64
      benchmark (>= 0.3)
      bigdecimal
      concurrent-ruby (~> 1.0, >= 1.3.1)
      connection_pool (>= 2.2.5)
      drb
      i18n (>= 1.6, < 2)
      logger (>= 1.4.2)
      minitest (>= 5.1)
      securerandom (>= 0.3)
      tzinfo (~> 2.0, >= 2.0.5)
      uri (>= 0.13.1)
    base64 (0.2.0)
    benchmark (0.4.0)
    bigdecimal (3.1.9)
    bson (5.0.2)
    concurrent-ruby (1.3.5)
    connection_pool (2.5.3)
    diff-lcs (1.6.2)
    drb (2.2.3)
    elastic-transport (8.4.0)
      faraday (< 3)
      multi_json
    elasticsearch (9.0.3)
      elastic-transport (~> 8.3)
      elasticsearch-api (= 9.0.3)
    elasticsearch-api (9.0.3)
      multi_json
    factory_bot (6.5.1)
      activesupport (>= 6.1.0)
    faraday (2.13.1)
      faraday-net_http (>= 2.0, < 3.5)
      json
      logger
    faraday-net_http (3.4.0)
      net-http (>= 0.5.0)
    i18n (1.14.7)
      concurrent-ruby (~> 1.0)
    json (2.12.2)
    logger (1.7.0)
    minitest (5.25.5)
    mongo (2.21.1)
      base64
      bson (>= 4.14.1, < 6.0.0)
    mongoid (9.0.7)
      activemodel (>= 5.1, < 8.1, != 7.0.0)
      concurrent-ruby (>= 1.0.5, < 2.0)
      mongo (>= 2.18.0, < 3.0.0)
    multi_json (1.15.0)
    net-http (0.6.0)
      uri
    rake (13.2.1)
    rspec (3.13.0)
      rspec-core (~> 3.13.0)
      rspec-expectations (~> 3.13.0)
      rspec-mocks (~> 3.13.0)
    rspec-core (3.13.3)
      rspec-support (~> 3.13.0)
    rspec-expectations (3.13.4)
      diff-lcs (>= 1.2.0, < 2.0)
      rspec-support (~> 3.13.0)
    rspec-mocks (3.13.4)
      diff-lcs (>= 1.2.0, < 2.0)
      rspec-support (~> 3.13.0)
    rspec-support (3.13.3)
    securerandom (0.4.1)
    tzinfo (2.0.6)
      concurrent-ruby (~> 1.0)
    uri (1.0.3)
    zeitwerk (2.7.3)

PLATFORMS
  x86_64-linux

DEPENDENCIES
  electric_eye!
  factory_bot
  mongoid
  rake
  rspec
  starman!

BUNDLED WITH
   2.5.6
